GIT
  remote: git://github.com/celluloid/reel-rack.git
  revision: b0aaf7455ff6e369e9605857dfaadf5ae3cf9aa0
  specs:
    reel-rack (0.2.3)
      rack (>= 1.4.0)
      reel (>= 0.5.0)

GIT
  remote: git://github.com/steamshard/guard-rack.git
  revision: b0e9792891231817366b904a90be5f4a54d1b16a
  specs:
    guard-rack (2.2.1)
      ffi
      guard (~> 2.3)
      spoon

GEM
  remote: https://rubygems.org/
  specs:
    addressable (2.5.1)
      public_suffix (~> 2.0, >= 2.0.2)
    bson (4.2.1)
    cassandra-driver (3.1.0)
      ione (~> 1.2)
    celluloid (0.17.3)
      celluloid-essentials
      celluloid-extras
      celluloid-fsm
      celluloid-pool
      celluloid-supervision
      timers (>= 4.1.1)
    celluloid-essentials (0.20.5)
      timers (>= 4.1.1)
    celluloid-extras (0.20.5)
      timers (>= 4.1.1)
    celluloid-fsm (0.20.5)
      timers (>= 4.1.1)
    celluloid-io (0.17.3)
      celluloid (>= 0.17.2)
      nio4r (>= 1.1)
      timers (>= 4.1.1)
    celluloid-pool (0.20.5)
      timers (>= 4.1.1)
    celluloid-supervision (0.20.6)
      timers (>= 4.1.1)
    coderay (1.1.1)
    domain_name (0.5.20170223)
      unf (>= 0.0.5, < 1.0.0)
    ffi (1.9.18)
    formatador (0.2.5)
    guard (2.14.1)
      formatador (>= 0.2.4)
      listen (>= 2.7, < 4.0)
      lumberjack (~> 1.0)
      nenv (~> 0.1)
      notiffany (~> 0.0)
      pry (>= 0.9.12)
      shellany (~> 0.0)
      thor (>= 0.18.1)
    hitimes (1.2.4)
    http (2.2.1)
      addressable (~> 2.3)
      http-cookie (~> 1.0)
      http-form_data (~> 1.0.1)
      http_parser.rb (~> 0.6.0)
    http-cookie (1.0.3)
      domain_name (~> 0.5)
    http-form_data (1.0.1)
    http_parser.rb (0.6.0)
    ione (1.2.4)
    listen (3.1.5)
      rb-fsevent (~> 0.9, >= 0.9.4)
      rb-inotify (~> 0.9, >= 0.9.7)
      ruby_dep (~> 1.2)
    lumberjack (1.0.11)
    method_source (0.8.2)
    mongo (2.4.1)
      bson (>= 4.2.1, < 5.0.0)
    nenv (0.3.0)
    nio4r (2.0.0)
    notiffany (0.1.1)
      nenv (~> 0.1)
      shellany (~> 0.0)
    pry (0.10.4)
      coderay (~> 1.1.0)
      method_source (~> 0.8.1)
      slop (~> 3.4)
    public_suffix (2.0.5)
    rack (2.0.1)
    rb-fsevent (0.9.8)
    rb-inotify (0.9.8)
      ffi (>= 0.5.0)
    redis (3.3.3)
    reel (0.6.1)
      celluloid (>= 0.15.1)
      celluloid-io (>= 0.15.0)
      http (>= 0.6.0.pre)
      http_parser.rb (>= 0.6.0)
      websocket-driver (>= 0.5.1)
    ruby_dep (1.5.0)
    shellany (0.0.1)
    slop (3.6.0)
    snappy (0.0.15)
    spoon (0.0.6)
      ffi
    thor (0.19.4)
    timers (4.1.2)
      hitimes
    unf (0.1.4)
      unf_ext
    unf_ext (0.0.7.2)
    websocket-driver (0.6.5)
      websocket-extensions (>= 0.1.0)
    websocket-extensions (0.1.2)

PLATFORMS
  ruby

DEPENDENCIES
  cassandra-driver
  celluloid
  guard
  guard-rack!
  mongo (~> 2.4)
  pry
  redis (~> 3.2)
  reel-rack!
  snappy

RUBY VERSION
   ruby 2.4.1p111

BUNDLED WITH
   1.14.6
